PATH
  remote: .
  specs:
    cglm (0.1.1)

GEM
  remote: https://rubygems.org/
  specs:
    docile (1.3.2)
    github-markup (3.0.4)
    json (2.3.0)
    minitest (5.14.0)
    rake (13.0.1)
    rake-compiler (1.1.0)
      rake
    redcarpet (3.5.0)
    simplecov (0.17.1)
      docile (~> 1.1)
      json (>= 1.8, < 3)
      simplecov-html (~> 0.10.0)
    simplecov-html (0.10.2)
    yard (0.9.24)

PLATFORMS
  ruby

DEPENDENCIES
  bundler (~> 2.1)
  cglm!
  github-markup
  minitest (~> 5.0)
  rake (~> 13.0)
  rake-compiler
  redcarpet
  simplecov
  yard (~> 0.9)

BUNDLED WITH
   2.1.2
