PATH
  remote: .
  specs:
    cglm (0.1.4)

GEM
  remote: https://rubygems.org/
  specs:
    docile (1.4.0)
    github-markup (4.0.0)
    minitest (5.15.0)
    rake (13.0.6)
    rake-compiler (1.1.9)
      rake
    redcarpet (3.5.1)
    simplecov (0.21.2)
      docile (~> 1.1)
      simplecov-html (~> 0.11)
      simplecov_json_formatter (~> 0.1)
    simplecov-html (0.12.3)
    simplecov_json_formatter (0.1.4)
    yard (0.9.36)

PLATFORMS
  ruby

DEPENDENCIES
  bundler (~> 2.1)
  cglm!
  github-markup
  minitest (~> 5.0)
  rake (~> 13.0)
  rake-compiler
  redcarpet
  simplecov
  yard (~> 0.9)

BUNDLED WITH
   2.2.3
